GIT
  remote: https://github.com/al2o3cr/dynamometer.git
  revision: 3a24b3c87f8329241f50c40d80b579bb7c863972
  specs:
    dynamometer (0.0.10)
      activerecord (< 4.3.0)
      pg

GEM
  remote: https://rubygems.org/
  specs:
    activemodel (4.2.0.beta2)
      activesupport (= 4.2.0.beta2)
      builder (~> 3.1)
    activerecord (4.2.0.beta2)
      activemodel (= 4.2.0.beta2)
      activesupport (= 4.2.0.beta2)
      arel (>= 6.0.0.beta1, < 6.1)
    activesupport (4.2.0.beta2)
      i18n (>= 0.7.0.beta1, < 0.8)
      json (~> 1.7, >= 1.7.7)
      minitest (~> 5.1)
      thread_safe (~> 0.1)
      tzinfo (~> 1.1)
    arel (6.0.0.beta1)
    benchmark-ips (2.0.0)
    builder (3.2.2)
    faker (1.4.3)
      i18n (~> 0.5)
    i18n (0.7.0.beta1)
    json (1.8.1)
    minitest (5.4.2)
    pg (0.17.1)
    thread_safe (0.3.4)
    tzinfo (1.2.2)
      thread_safe (~> 0.1)

PLATFORMS
  ruby

DEPENDENCIES
  activerecord (= 4.2.0.beta2)
  benchmark-ips
  dynamometer!
  faker
  pg
